GIT
  remote: https://github.com/Unact/activerecord-sqlanywhere-adapter
  revision: f93585d1a9d2f842f719156b74ec7bcf6b08f409
  branch: rails52
  specs:
    activerecord-sqlanywhere-adapter (2.2.1)
      activerecord (>= 5.0.0)
      sqlanywhere (>= 0.2.0)

GIT
  remote: https://github.com/Unact/sqlanywhere
  revision: 9427681a3ce0d3c9fee4c52e3f395365000f5458
  specs:
    sqlanywhere (0.2.2)

PATH
  remote: .
  specs:
    cat-features (0.1.8)
      activerecord (>= 5.2, < 6)
      acts_as_singleton (~> 0.0.8)
      composite_primary_keys (~> 11.0.0)

GEM
  remote: https://rubygems.org/
  specs:
    activemodel (5.2.4.1)
      activesupport (= 5.2.4.1)
    activerecord (5.2.4.1)
      activemodel (= 5.2.4.1)
      activesupport (= 5.2.4.1)
      arel (>= 9.0)
    activesupport (5.2.4.1)
      concurrent-ruby (~> 1.0, >= 1.0.2)
      i18n (>= 0.7, < 2)
      minitest (~> 5.1)
      tzinfo (~> 1.1)
    acts_as_singleton (0.0.8)
      activerecord (>= 3.1.0)
    arel (9.0.0)
    byebug (11.1.1)
    composite_primary_keys (11.0.3)
      activerecord (~> 5.2.0)
    concurrent-ruby (1.1.5)
    database_cleaner (1.7.0)
    diff-lcs (1.3)
    i18n (1.8.2)
      concurrent-ruby (~> 1.0)
    minitest (5.14.0)
    rake (13.0.1)
    rspec (3.9.0)
      rspec-core (~> 3.9.0)
      rspec-expectations (~> 3.9.0)
      rspec-mocks (~> 3.9.0)
    rspec-core (3.9.1)
      rspec-support (~> 3.9.1)
    rspec-expectations (3.9.0)
      diff-lcs (>= 1.2.0, < 2.0)
      rspec-support (~> 3.9.0)
    rspec-mocks (3.9.1)
      diff-lcs (>= 1.2.0, < 2.0)
      rspec-support (~> 3.9.0)
    rspec-support (3.9.2)
    thread_safe (0.3.6)
    tzinfo (1.2.6)
      thread_safe (~> 0.1)

PLATFORMS
  ruby

DEPENDENCIES
  activerecord-sqlanywhere-adapter!
  bundler
  byebug
  cat-features!
  database_cleaner
  rake
  rspec
  sqlanywhere!

BUNDLED WITH
   1.17.3
