GIT
  remote: https://github.com/Unact/activerecord-sqlanywhere-adapter
  revision: 8ce0fb77984d7fa6bb92915458a772b756976f72
  branch: rails51
  specs:
    activerecord-sqlanywhere-adapter (2.1.6)
      activerecord (>= 5.0.0)
      sqlanywhere (>= 0.2.0)

GIT
  remote: https://github.com/springbok/sqlanywhere
  revision: da95a9e72124f7e0165bbaf8be04cc1febab3980
  branch: ruby22
  specs:
    sqlanywhere (0.2.0)

PATH
  remote: .
  specs:
    cat-features (0.1.1)
      activerecord (= 5.1.2)
      composite_primary_keys (= 10.0.0)

GEM
  remote: https://rubygems.org/
  specs:
    activemodel (5.1.2)
      activesupport (= 5.1.2)
    activerecord (5.1.2)
      activemodel (= 5.1.2)
      activesupport (= 5.1.2)
      arel (~> 8.0)
    activesupport (5.1.2)
      concurrent-ruby (~> 1.0, >= 1.0.2)
      i18n (~> 0.7)
      minitest (~> 5.1)
      tzinfo (~> 1.1)
    arel (8.0.0)
    byebug (9.0.6)
    composite_primary_keys (10.0.0)
      activerecord (~> 5.1.0)
    concurrent-ruby (1.0.5)
    database_cleaner (1.5.3)
    diff-lcs (1.3)
    i18n (0.9.0)
      concurrent-ruby (~> 1.0)
    minitest (5.10.3)
    rake (10.5.0)
    rspec (3.7.0)
      rspec-core (~> 3.7.0)
      rspec-expectations (~> 3.7.0)
      rspec-mocks (~> 3.7.0)
    rspec-core (3.7.0)
      rspec-support (~> 3.7.0)
    rspec-expectations (3.7.0)
      diff-lcs (>= 1.2.0, < 2.0)
      rspec-support (~> 3.7.0)
    rspec-mocks (3.7.0)
      diff-lcs (>= 1.2.0, < 2.0)
      rspec-support (~> 3.7.0)
    rspec-support (3.7.0)
    thread_safe (0.3.6)
    tzinfo (1.2.3)
      thread_safe (~> 0.1)

PLATFORMS
  ruby

DEPENDENCIES
  activerecord-sqlanywhere-adapter!
  bundler (~> 1.15)
  byebug (~> 9.0.6)
  cat-features!
  database_cleaner (~> 1.5.3)
  rake (~> 10.0)
  rspec (~> 3.0)
  sqlanywhere!

BUNDLED WITH
   1.16.0.pre.3
