GIT
  remote: https://github.com/Unact/activerecord-sqlanywhere-adapter
  revision: acdd73285bba4a0b90fa862daccb69ef15357216
  branch: rails51
  specs:
    activerecord-sqlanywhere-adapter (2.1.17)
      activerecord (>= 5.0.0)
      sqlanywhere (>= 0.2.0)

GIT
  remote: https://github.com/springbok/sqlanywhere
  revision: da95a9e72124f7e0165bbaf8be04cc1febab3980
  branch: ruby22
  specs:
    sqlanywhere (0.2.0)

PATH
  remote: .
  specs:
    cat-features (0.1.8)
      activerecord (>= 5.1, < 5.2)
      acts_as_singleton (~> 0.0.8)
      composite_primary_keys (~> 10.0.0)

GEM
  remote: https://rubygems.org/
  specs:
    activemodel (5.1.7)
      activesupport (= 5.1.7)
    activerecord (5.1.7)
      activemodel (= 5.1.7)
      activesupport (= 5.1.7)
      arel (~> 8.0)
    activesupport (5.1.7)
      concurrent-ruby (~> 1.0, >= 1.0.2)
      i18n (>= 0.7, < 2)
      minitest (~> 5.1)
      tzinfo (~> 1.1)
    acts_as_singleton (0.0.8)
      activerecord (>= 3.1.0)
    arel (8.0.0)
    byebug (9.0.6)
    composite_primary_keys (10.0.5)
      activerecord (~> 5.1.0, >= 5.1.6)
    concurrent-ruby (1.1.5)
    database_cleaner (1.5.3)
    diff-lcs (1.3)
    i18n (1.8.2)
      concurrent-ruby (~> 1.0)
    minitest (5.14.0)
    rake (10.5.0)
    rspec (3.9.0)
      rspec-core (~> 3.9.0)
      rspec-expectations (~> 3.9.0)
      rspec-mocks (~> 3.9.0)
    rspec-core (3.9.1)
      rspec-support (~> 3.9.1)
    rspec-expectations (3.9.0)
      diff-lcs (>= 1.2.0, < 2.0)
      rspec-support (~> 3.9.0)
    rspec-mocks (3.9.1)
      diff-lcs (>= 1.2.0, < 2.0)
      rspec-support (~> 3.9.0)
    rspec-support (3.9.2)
    thread_safe (0.3.6)
    tzinfo (1.2.6)
      thread_safe (~> 0.1)

PLATFORMS
  ruby

DEPENDENCIES
  activerecord-sqlanywhere-adapter!
  bundler (~> 1.15)
  byebug (~> 9.0.6)
  cat-features!
  database_cleaner (~> 1.5.3)
  rake (~> 10.0)
  rspec (~> 3.0)
  sqlanywhere!

BUNDLED WITH
   1.17.3
